GEM
  remote: https://rubygems.org/
  specs:
    breakpoint (2.0.7)
      compass (>= 0.12.1)
      sass (>= 3.2.0)
    chunky_png (1.2.9)
    compass (0.12.2)
      chunky_png (~> 1.2)
      fssm (>= 0.2.7)
      sass (~> 3.1)
    compass-h5bp (0.1.2)
      compass
    fssm (0.2.10)
    html5-boilerplate (2.1.0)
      compass
      compass-h5bp
    respond-to (2.6)
      breakpoint (>= 1.3)
    sass (3.2.12)
    susy (1.0.9)
      compass (>= 0.12.2)
      sass (>= 3.2.0)

PLATFORMS
  ruby

DEPENDENCIES
  compass-h5bp
  html5-boilerplate
  respond-to
  susy
